GEM
  remote: https://rubygems.org/
  specs:
    airbrussh (1.1.2)
      sshkit (>= 1.6.1, != 1.7.0)
    aws-sdk-v1 (1.66.0)
      json (~> 1.4)
      nokogiri (>= 1.4.4)
    cap-ec2 (1.0.0)
      aws-sdk-v1
      capistrano (>= 3.0)
      colorize
      terminal-table
    capistrano (3.7.2)
      airbrussh (>= 1.0.0)
      capistrano-harrow
      i18n
      rake (>= 10.0.0)
      sshkit (>= 1.9.0)
    capistrano-composer (0.0.6)
      capistrano (>= 3.0.0.pre)
    capistrano-harrow (0.5.3)
    capistrano-slackify (2.7.1)
      capistrano (>= 3.2.0)
      multi_json
    colorize (0.8.1)
    concurrent-ruby (1.1.10)
    i18n (1.10.0)
      concurrent-ruby (~> 1.0)
    json (1.8.6)
    mini_portile2 (2.1.0)
    multi_json (1.12.1)
    net-scp (1.2.1)
      net-ssh (>= 2.6.5)
    net-ssh (2.10.1.rc2)
    nokogiri (1.7.0.1)
      mini_portile2 (~> 2.1.0)
    rake (12.0.0)
    sshkit (1.11.5)
      net-scp (>= 1.1.2)
      net-ssh (>= 2.8.0)
    terminal-table (1.7.3)
      unicode-display_width (~> 1.1.1)
    unicode-display_width (1.1.3)

PLATFORMS
  ruby

DEPENDENCIES
  cap-ec2 (~> 1.0.0)
  capistrano (~> 3.0)
  capistrano-composer (~> 0.0.0)
  capistrano-slackify (~> 2.7.0)
  net-ssh (~> 2.10.1.rc2)

BUNDLED WITH
   1.11.2
